PATH
  remote: .
  specs:
    denshi_paper (0.1.0)

GEM
  remote: https://rubygems.org/
  specs:
    erubis (2.7.0)
    faraday (0.15.4)
      multipart-post (>= 1.2, < 3)
    faraday_middleware (0.12.2)
      faraday (>= 0.7.4, < 1.0)
    hashie (3.6.0)
    json_schema (0.20.1)
    minitest (5.11.3)
    multipart-post (2.0.0)
    parallel (1.12.1)
    prmd (0.13.0)
      erubis (~> 2.7)
      json_schema (~> 0.3, >= 0.3.1)
    rake (10.5.0)

PLATFORMS
  ruby

DEPENDENCIES
  bundler (~> 1.17)
  denshi_paper!
  faraday
  faraday_middleware
  hashie
  minitest (~> 5.0)
  parallel
  prmd
  rake (~> 10.0)

BUNDLED WITH
   1.17.3
