PATH
  remote: .
  specs:
    denshi_paper (0.1.0)

GEM
  remote: https://rubygems.org/
  specs:
    domain_name (0.5.20180417)
      unf (>= 0.0.5, < 1.0.0)
    erubis (2.7.0)
    faraday (0.15.4)
      multipart-post (>= 1.2, < 3)
    faraday-cookie_jar (0.0.6)
      faraday (>= 0.7.4)
      http-cookie (~> 1.0.0)
    faraday_middleware (0.13.0)
      faraday (>= 0.7.4, < 1.0)
    http-cookie (1.0.3)
      domain_name (~> 0.5)
    json_schema (0.20.1)
    minitest (5.11.3)
    multipart-post (2.0.0)
    parallel (1.13.0)
    prmd (0.13.0)
      erubis (~> 2.7)
      json_schema (~> 0.3, >= 0.3.1)
    rake (10.5.0)
    unf (0.1.4)
      unf_ext
    unf_ext (0.0.7.2)
    unf_ext (0.0.7.2-x64-mingw32)

PLATFORMS
  ruby
  x64-mingw32

DEPENDENCIES
  bundler (~> 1.17)
  denshi_paper!
  faraday
  faraday-cookie_jar
  faraday_middleware
  minitest (~> 5.0)
  parallel
  prmd
  rake (~> 10.0)

BUNDLED WITH
   1.17.3
